GEM
  remote: https://rubygems.org/
  specs:
    diff-lcs (1.2.5)
    docopt (0.5.0)
    dotenv (0.11.1)
      dotenv-deployment (~> 0.0.2)
    dotenv-deployment (0.0.2)
    foreman (0.74.0)
      dotenv (~> 0.11.1)
      thor (~> 0.19.1)
    net-scp (1.2.1)
      net-ssh (>= 2.6.5)
    net-ssh (2.9.1)
    org-converge (0.0.17)
      diff-lcs (~> 1.2)
      docopt (~> 0.5)
      foreman (~> 0.63)
      net-scp (~> 1.1)
      net-ssh (~> 2.8)
      org-ruby (~> 0.9)
      rake (~> 10.3)
      tco (~> 0.1)
    org-ruby (0.9.7)
      rubypants (~> 0.2)
    rake (10.3.2)
    rspec (3.0.0)
      rspec-core (~> 3.0.0)
      rspec-expectations (~> 3.0.0)
      rspec-mocks (~> 3.0.0)
    rspec-core (3.0.2)
      rspec-support (~> 3.0.0)
    rspec-expectations (3.0.2)
      diff-lcs (>= 1.2.0, < 2.0)
      rspec-support (~> 3.0.0)
    rspec-mocks (3.0.2)
      rspec-support (~> 3.0.0)
    rspec-support (3.0.2)
    ruby-beautify (0.92.2)
    rubypants (0.2.0)
    tco (0.1.3)
    thor (0.19.1)

PLATFORMS
  ruby

DEPENDENCIES
  org-converge
  rspec
  ruby-beautify
